GIT
  remote: git://github.com/chuckremes/nn-core.git
  revision: bbe97e7c101cfe251d021d709c53b9e5636f8c2d
  specs:
    nn-core (0.3.0)
      ffi

GEM
  remote: https://rubygems.org/
  specs:
    coderay (1.1.0)
    ffaker (1.25.0)
    ffi (1.9.8)
    method_source (0.8.2)
    nanomsg (0.3.3)
    pry (0.10.1)
      coderay (~> 1.1.0)
      method_source (~> 0.8.1)
      slop (~> 3.4)
    pry-nav (0.2.4)
      pry (>= 0.9.10, < 0.11.0)
    puma (2.10.2)
      rack (>= 1.1, < 2.0)
    rack (1.5.2)
    rack-protection (1.5.3)
      rack
    sinatra (1.4.5)
      rack (~> 1.4)
      rack-protection (~> 1.4)
      tilt (~> 1.3, >= 1.3.4)
    slop (3.6.0)
    tilt (1.4.1)

PLATFORMS
  ruby

DEPENDENCIES
  ffaker
  nanomsg
  nn-core!
  pry
  pry-nav
  puma
  sinatra
